GIT
  remote: https://github.com/18F/identity-hostdata.git
  revision: 96c08e8ea8c58cdde45de62d0f269c8b19bf1724
  branch: master
  specs:
    identity-hostdata (0.3.2)
      aws-sdk-core (~> 2.10.23)

GEM
  remote: https://rubygems.org/
  specs:
    aws-sdk-core (2.10.54)
      aws-sigv4 (~> 1.0)
      jmespath (~> 1.0)
    aws-sigv4 (1.0.2)
    hashie (3.4.4)
    jmespath (1.3.1)
    metaclass (0.0.4)
    mini_portile2 (2.1.0)
    mocha (1.3.0)
      metaclass (~> 0.0.1)
    nokogiri (1.6.8)
      mini_portile2 (~> 2.1.0)
      pkg-config (~> 1.1.7)
    pkg-config (1.1.7)
    power_assert (0.2.7)
    rack (1.6.4)
    rack-protection (1.5.3)
      rack
    rack-test (0.6.3)
      rack (>= 1.0)
    ruby-saml (1.3.0)
      nokogiri (>= 1.5.10)
    sinatra (1.4.7)
      rack (~> 1.5)
      rack-protection (~> 1.4)
      tilt (>= 1.3, < 3)
    test-unit (3.1.8)
      power_assert
    tilt (2.0.2)

PLATFORMS
  ruby

DEPENDENCIES
  hashie
  identity-hostdata!
  mocha
  rack-test
  ruby-saml
  sinatra
  test-unit

RUBY VERSION
   ruby 2.3.5p376

BUNDLED WITH
   1.15.4
