GEM
  remote: https://rubygems.org/
  specs:
    metaclass (0.0.4)
    mocha (1.1.0)
      metaclass (~> 0.0.1)
    power_assert (0.2.7)
    rack (1.6.4)
    rack-protection (1.5.3)
      rack
    rack-test (0.6.3)
      rack (>= 1.0)
    sinatra (1.4.7)
      rack (~> 1.5)
      rack-protection (~> 1.4)
      tilt (>= 1.3, < 3)
    test-unit (3.1.8)
      power_assert
    tilt (2.0.2)

PLATFORMS
  ruby

DEPENDENCIES
  mocha
  rack-test
  sinatra
  test-unit

BUNDLED WITH
   1.11.2
